GEM
  remote: http://rubygems.org/
  specs:
    activemodel (3.2.13)
      activesupport (= 3.2.13)
      builder (~> 3.0.0)
    activesupport (3.2.13)
      i18n (= 0.6.1)
      multi_json (~> 1.0)
    addressable (2.3.4)
    ansi (1.4.3)
    braintree (2.22.0)
      builder (>= 2.0.0)
    builder (3.0.4)
    crack (0.3.2)
    i18n (0.6.1)
    minitest (4.7.3)
    multi_json (1.7.2)
    rake (10.0.4)
    simplecov (0.7.1)
      multi_json (~> 1.0)
      simplecov-html (~> 0.7.1)
    simplecov-html (0.7.1)
    turn (0.9.6)
      ansi
    webmock (1.11.0)
      addressable (>= 2.2.7)
      crack (>= 0.3.2)

PLATFORMS
  ruby

DEPENDENCIES
  activemodel (>= 3.0)
  activesupport (>= 3.0)
  braintree (>= 2.16.0)
  minitest
  rake
  simplecov
  turn
  webmock
